GEM
  remote: https://rubygems.org/
  specs:
    diff-lcs (1.4.4)
    docile (1.1.5)
    json (2.3.1)
    rake (13.0.3)
    rspec (3.10.0)
      rspec-core (~> 3.10.0)
      rspec-expectations (~> 3.10.0)
      rspec-mocks (~> 3.10.0)
    rspec-core (3.10.1)
      rspec-support (~> 3.10.0)
    rspec-expectations (3.10.0)
      diff-lcs (>= 1.2.0, < 2.0)
      rspec-support (~> 3.10.0)
    rspec-mocks (3.10.0)
      diff-lcs (>= 1.2.0, < 2.0)
      rspec-support (~> 3.10.0)
    rspec-support (3.10.2)
    rspec_junit_formatter (0.4.1)
      rspec-core (>= 2, < 4, != 2.12.0)
    simplecov (0.13.0)
      docile (~> 1.1.0)
      json (>= 1.8, < 3)
      simplecov-html (~> 0.10.0)
    simplecov-html (0.10.2)

PLATFORMS
  ruby
  x64-mingw32

DEPENDENCIES
  rake (= 13.0.3)!
  rspec (= 3.10.0)!
  rspec_junit_formatter (= 0.4.1)!
  simplecov (= 0.13.0)!

BUNDLED WITH
   1.15.4
